GEM
  remote: http://rubygems.org/
  specs:
    abstract (1.0.0)
    actionmailer (3.0.8)
      actionpack (= 3.0.8)
      mail (~> 2.2.19)
    actionpack (3.0.8)
      activemodel (= 3.0.8)
      activesupport (= 3.0.8)
      builder (~> 2.1.2)
      erubis (~> 2.6.6)
      i18n (~> 0.5.0)
      rack (~> 1.2.1)
      rack-mount (~> 0.6.14)
      rack-test (~> 0.5.7)
      tzinfo (~> 0.3.23)
    activemodel (3.0.8)
      activesupport (= 3.0.8)
      builder (~> 2.1.2)
      i18n (~> 0.5.0)
    activerecord (3.0.8)
      activemodel (= 3.0.8)
      activesupport (= 3.0.8)
      arel (~> 2.0.10)
      tzinfo (~> 0.3.23)
    activerecord-jdbc-adapter (1.1.1)
    activeresource (3.0.8)
      activemodel (= 3.0.8)
      activesupport (= 3.0.8)
    activesupport (3.0.8)
    arel (2.0.10)
    bouncy-castle-java (1.5.0146.1)
    builder (2.1.2)
    erubis (2.6.6)
      abstract (>= 1.0.0)
    haml (3.1.2)
    i18n (0.5.0)
    jdbc-sqlite3 (3.6.14.2.056-java)
    jruby-openssl (0.7.4)
      bouncy-castle-java
    mail (2.2.19)
      activesupport (>= 2.3.6)
      i18n (>= 0.4.0)
      mime-types (~> 1.16)
      treetop (~> 1.4.8)
    mime-types (1.16)
    polyglot (0.3.1)
    rack (1.2.3)
    rack-mount (0.6.14)
      rack (>= 1.0.0)
    rack-test (0.5.7)
      rack (>= 1.0)
    rails (3.0.8)
      actionmailer (= 3.0.8)
      actionpack (= 3.0.8)
      activerecord (= 3.0.8)
      activeresource (= 3.0.8)
      activesupport (= 3.0.8)
      bundler (~> 1.0)
      railties (= 3.0.8)
    railties (3.0.8)
      actionpack (= 3.0.8)
      activesupport (= 3.0.8)
      rake (>= 0.8.7)
      thor (~> 0.14.4)
    rake (0.9.2)
    thor (0.14.6)
    torquebox (2.x.incremental.96)
      torquebox-core (= 2.x.incremental.96)
      torquebox-messaging (= 2.x.incremental.96)
      torquebox-naming (= 2.x.incremental.96)
      torquebox-rake-support (= 2.x.incremental.96)
      torquebox-security (= 2.x.incremental.96)
      torquebox-vfs (= 2.x.incremental.96)
      torquebox-web (= 2.x.incremental.96)
    torquebox-core (2.x.incremental.96-java)
    torquebox-messaging (2.x.incremental.96-java)
      torquebox-core (= 2.x.incremental.96)
    torquebox-naming (2.x.incremental.96-java)
    torquebox-rake-support (2.x.incremental.96)
    torquebox-security (2.x.incremental.96-java)
      torquebox-core (= 2.x.incremental.96)
    torquebox-vfs (2.x.incremental.96-java)
    torquebox-web (2.x.incremental.96-java)
    treetop (1.4.9)
      polyglot (>= 0.3.1)
    tzinfo (0.3.27)

PLATFORMS
  java

DEPENDENCIES
  activerecord-jdbc-adapter
  haml
  jdbc-sqlite3
  jruby-openssl
  rails (= 3.0.8)
  torquebox (~> 2.x.incremental.00)
  torquebox-messaging
  torquebox-rake-support
